GEM
  remote: http://rubygems.org/
  specs:
    kgio (2.7.2)
    rack (1.4.0)
    rack-protection (1.2.0)
      rack
    raindrops (0.8.0)
    rmagick (2.13.1)
    sass (3.1.12)
    sinatra (1.3.2)
      rack (>= 1.3.6, ~> 1.3)
      rack-protection (~> 1.2)
      tilt (>= 1.3.3, ~> 1.3)
    tilt (1.3.3)
    unicorn (4.1.1)
      kgio (~> 2.4)
      rack
      raindrops (~> 0.6)

PLATFORMS
  ruby

DEPENDENCIES
  rmagick (~> 2.13.1)
  sass
  sinatra
  unicorn
